PATH
  remote: .
  specs:
    omniauth-wsfed (0.0.1)
      omniauth (~> 1.1.0)
      xmlcanonicalizer (= 0.1.1)

GEM
  remote: https://rubygems.org/
  specs:
    diff-lcs (1.1.3)
    hashie (1.2.0)
    omniauth (1.1.0)
      hashie (~> 1.2)
      rack
    rack (1.4.1)
    rack-test (0.6.1)
      rack (>= 1.0)
    rake (0.9.2.2)
    rspec (2.10.0)
      rspec-core (~> 2.10.0)
      rspec-expectations (~> 2.10.0)
      rspec-mocks (~> 2.10.0)
    rspec-core (2.10.1)
    rspec-expectations (2.10.0)
      diff-lcs (~> 1.1.3)
    rspec-mocks (2.10.1)
    xmlcanonicalizer (0.1.1)

PLATFORMS
  ruby

DEPENDENCIES
  omniauth-wsfed!
  rack-test (~> 0.6.1)
  rake (~> 0.9.2)
  rspec (~> 2.10.0)
