PATH
  remote: .
  specs:
    omniauth-wsfed (0.1.0)
      omniauth (~> 1.1.0)
      typhoeus (~> 0.4.2)
      xmlcanonicalizer (= 0.1.1)

GEM
  remote: https://rubygems.org/
  specs:
    diff-lcs (1.1.3)
    ffi (1.1.0)
    hashie (1.2.0)
    mime-types (1.19)
    omniauth (1.1.0)
      hashie (~> 1.2)
      rack
    rack (1.4.1)
    rack-test (0.6.2)
      rack (>= 1.0)
    rake (10.0.3)
    rspec (2.12.0)
      rspec-core (~> 2.12.0)
      rspec-expectations (~> 2.12.0)
      rspec-mocks (~> 2.12.0)
    rspec-core (2.12.2)
    rspec-expectations (2.12.1)
      diff-lcs (~> 1.1.3)
    rspec-mocks (2.12.1)
    typhoeus (0.4.2)
      ffi (~> 1.0)
      mime-types (~> 1.18)
    xmlcanonicalizer (0.1.1)

PLATFORMS
  ruby

DEPENDENCIES
  omniauth-wsfed!
  rack-test (>= 0.6.2)
  rake (>= 10.0.3)
  rspec (>= 2.12.0)
